GIT
  remote: git://github.com/webhoernchen/active_sql.git
  revision: c1bfdf7cd63dda7d406d6907b6d96c82fb007e23
  specs:
    active_sql (1.0)
      activerecord
      rails

PATH
  remote: ../../../
  specs:
    extended_active_scaffold (1.0)
      actionpack
      activerecord
      rails

GEM
  remote: https://rubygems.org/
  specs:
    actionmailer (2.3.15)
      actionpack (= 2.3.15)
    actionpack (2.3.15)
      activesupport (= 2.3.15)
      rack (~> 1.1.3)
    activerecord (2.3.15)
      activesupport (= 2.3.15)
    activeresource (2.3.15)
      activesupport (= 2.3.15)
    activesupport (2.3.15)
    addressable (2.3.2)
    capybara (2.0.2)
      mime-types (>= 1.16)
      nokogiri (>= 1.3.3)
      rack (>= 1.0.0)
      rack-test (>= 0.5.4)
      selenium-webdriver (~> 2.0)
      xpath (~> 1.0.0)
    childprocess (0.3.6)
      ffi (~> 1.0, >= 1.0.6)
    factory_girl (2.6.4)
      activesupport (>= 2.3.9)
    ffi (1.3.1)
    json (1.7.6)
    libwebsocket (0.1.7.1)
      addressable
      websocket
    metaclass (0.0.1)
    mime-types (1.19)
    mocha (0.12.7)
      metaclass (~> 0.0.1)
    multi_json (1.5.0)
    mysql2 (0.2.18)
    nokogiri (1.5.6)
    rack (1.1.4)
    rack-test (0.6.2)
      rack (>= 1.0)
    rails (2.3.15)
      actionmailer (= 2.3.15)
      actionpack (= 2.3.15)
      activerecord (= 2.3.15)
      activeresource (= 2.3.15)
      activesupport (= 2.3.15)
      rake (>= 0.8.3)
    rake (10.0.3)
    rdoc (3.12)
      json (~> 1.4)
    rubyzip (0.9.9)
    selenium-webdriver (2.27.2)
      childprocess (>= 0.2.5)
      libwebsocket (~> 0.1.3)
      multi_json (~> 1.0)
      rubyzip
    shoulda (3.0.1)
      shoulda-context (~> 1.0.0)
      shoulda-matchers (~> 1.0.0)
    shoulda-context (1.0.2)
    shoulda-matchers (1.0.0)
    timecop (0.5.5)
    websocket (1.0.6)
    xpath (1.0.0)
      nokogiri (~> 1.3)

PLATFORMS
  ruby

DEPENDENCIES
  active_sql!
  capybara
  extended_active_scaffold (= 1.0)!
  factory_girl
  mocha (!= 0.13.1, != 0.13.0)
  mysql2 (< 0.3.0)
  rails (>= 2.3.10, < 3.0.0)
  rdoc
  shoulda
  timecop (< 0.5.6)
